PATH
  remote: .
  specs:
    gruesome (0.0.6)
      bit-struct

GEM
  remote: http://rubygems.org/
  specs:
    bit-struct (0.13.6)
      bones (>= 2.5.1)
    bones (3.8.0)
      little-plugger (~> 1.1.3)
      loquacious (~> 1.9.1)
      rake (>= 0.8.7)
    bson (1.8.3)
    bson_ext (1.8.3)
      bson (~> 1.8.3)
    diff-lcs (1.2.1)
    little-plugger (1.1.3)
    loquacious (1.9.1)
    mongo (1.8.3)
      bson (~> 1.8.3)
    rack (1.5.2)
    rake (10.0.3)
    rspec (2.13.0)
      rspec-core (~> 2.13.0)
      rspec-expectations (~> 2.13.0)
      rspec-mocks (~> 2.13.0)
    rspec-core (2.13.1)
    rspec-expectations (2.13.0)
      diff-lcs (>= 1.1.3, < 2.0)
    rspec-mocks (2.13.0)
    sinatra (1.1.0)
      rack (~> 1.1)
      tilt (~> 1.1)
    tilt (1.3.6)

PLATFORMS
  x86-mingw32

DEPENDENCIES
  bson_ext (= 1.8.3)
  gruesome!
  mongo (= 1.8.3)
  rspec
  sinatra (= 1.1.0)
